GEM
  remote: http://rubygems.org/
  specs:
    bubble-wrap (1.1.1)
    motion-dryer (0.0.1)

PLATFORMS
  ruby

DEPENDENCIES
  bubble-wrap (~> 1.1.0)
  motion-dryer
