GEM
  remote: http://rubygems.org/
  specs:
    ProMotion (1.0.3)
    bubble-wrap (1.3.0)

PLATFORMS
  ruby

DEPENDENCIES
  ProMotion
  bubble-wrap
